GIT
  remote: https://github.com/sittitep/rks.git
  revision: 94d72fc003296c5458edb1248030e96e1ffc8ae4
  branch: master
  specs:
    rks (0.3.19)
      avro_turf (~> 0.8.1)
      byebug (~> 10.0.2)
      concurrent-ruby (~> 1.1.3)
      logstash-logger (~> 0.26.1)
      minitest (~> 5.11.3)
      poseidon (~> 0.0.5)
      puma (~> 3.12.0)
      rack (~> 2.0.6)
      ruby-kafka (~> 0.7.4)
      sidekiq (~> 5.2.3)
      sidekiq-pro (~> 4.0.4)
      thor

GEM
  remote: https://rubygems.org/
  specs:
    avro (1.8.2)
      multi_json
    avro_turf (0.8.1)
      avro (>= 1.7.7, < 1.9)
      excon (~> 0.45)
    byebug (10.0.2)
    concurrent-ruby (1.1.4)
    connection_pool (2.2.2)
    digest-crc (0.4.1)
    excon (0.62.0)
    logstash-event (1.2.02)
    logstash-logger (0.26.1)
      logstash-event (~> 1.2)
    minitest (5.11.3)
    multi_json (1.13.1)
    poseidon (0.0.5)
    puma (3.12.0)
    rack (2.0.6)
    rack-protection (2.0.5)
      rack
    redis (4.1.0)
    ruby-kafka (0.7.5)
      digest-crc
    sidekiq (5.2.5)
      connection_pool (~> 2.2, >= 2.2.2)
      rack (>= 1.5.0)
      rack-protection (>= 1.5.0)
      redis (>= 3.3.5, < 5)
    sidekiq-pro (4.0.4)
      concurrent-ruby (>= 1.0.5)
      sidekiq (>= 5.2.1)
    thor (0.20.3)

PLATFORMS
  ruby

DEPENDENCIES
  rks!

BUNDLED WITH
   1.17.3
